GEM
  remote: https://rubygems.org/
  specs:
    addressable (2.4.0)
    puma (2.15.3)
    rack (1.6.4)
    rack-canonical-host (0.1.0)
      addressable
      rack (~> 1.0)
    rack-protection (1.5.3)
      rack
    sinatra (1.4.6)
      rack (~> 1.4)
      rack-protection (~> 1.4)
      tilt (>= 1.3, < 3)
    tilt (2.0.1)

PLATFORMS
  ruby

DEPENDENCIES
  puma
  rack-canonical-host
  sinatra

BUNDLED WITH
   1.10.6
